GEM
  remote: https://rubygems.org/
  specs:
    actionmailer (4.0.4)
      actionpack (= 4.0.4)
      mail (~> 2.5.4)
    actionpack (4.0.4)
      activesupport (= 4.0.4)
      builder (~> 3.1.0)
      erubis (~> 2.7.0)
      rack (~> 1.5.2)
      rack-test (~> 0.6.2)
    active_model_serializers (0.8.1)
      activemodel (>= 3.0)
    activemodel (4.0.4)
      activesupport (= 4.0.4)
      builder (~> 3.1.0)
    activerecord (4.0.4)
      activemodel (= 4.0.4)
      activerecord-deprecated_finders (~> 1.0.2)
      activesupport (= 4.0.4)
      arel (~> 4.0.0)
    activerecord-deprecated_finders (1.0.3)
    activesupport (4.0.4)
      i18n (~> 0.6, >= 0.6.9)
      minitest (~> 4.2)
      multi_json (~> 1.3)
      thread_safe (~> 0.1)
      tzinfo (~> 0.3.37)
    addressable (2.3.2)
    arel (4.0.2)
    atomic (1.1.16)
    aws-sdk (1.6.3)
      httparty (~> 0.7)
      json (~> 1.4)
      nokogiri (>= 1.4.4)
      uuidtools (~> 2.1)
    barber (0.4.2)
      ember-source
      execjs
      handlebars-source
    bootstrap-sass (2.0.4.0)
    browser (0.1.4)
    builder (3.1.4)
    capybara (1.1.2)
      mime-types (>= 1.16)
      nokogiri (>= 1.3.3)
      rack (>= 1.0.0)
      rack-test (>= 0.5.4)
      selenium-webdriver (~> 2.0)
      xpath (~> 0.1.4)
    childprocess (0.3.5)
      ffi (~> 1.0, >= 1.0.6)
    cocaine (0.2.1)
    daemons (1.1.9)
    database_cleaner (1.2.0)
    diff-lcs (1.1.3)
    ember-data-source (0.14)
      ember-source
    ember-rails (0.14.1)
      active_model_serializers
      barber (>= 0.4.1)
      ember-data-source
      ember-source
      execjs (>= 1.2)
      handlebars-source
      jquery-rails (>= 1.0.17)
      railties (>= 3.1)
    ember-source (1.4.0)
      handlebars-source (~> 1.0)
    erubis (2.7.0)
    eventmachine (1.0.3)
    execjs (2.0.2)
    factory_girl (4.0.0)
      activesupport (>= 3.0.0)
    factory_girl_rails (4.0.0)
      factory_girl (~> 4.0.0)
      railties (>= 3.0.0)
    ffi (1.1.5)
    haml (4.0.5)
      tilt
    haml-rails (0.5.3)
      actionpack (>= 4.0.1)
      activesupport (>= 4.0.1)
      haml (>= 3.1, < 5.0)
      railties (>= 4.0.1)
    handlebars-source (1.3.0)
    hike (1.2.3)
    hpricot (0.8.6)
    httparty (0.8.3)
      multi_json (~> 1.0)
      multi_xml
    i18n (0.6.9)
    jquery-rails (2.1.1)
      railties (>= 3.1.0, < 5.0)
      thor (~> 0.14)
    json (1.8.1)
    libwebsocket (0.1.5)
      addressable
    mail (2.5.4)
      mime-types (~> 1.16)
      treetop (~> 1.4.8)
    mime-types (1.25.1)
    minitest (4.7.5)
    multi_json (1.9.0)
    multi_xml (0.5.1)
    nested_form (0.2.2)
    nokogiri (1.5.5)
    paperclip (3.1.4)
      activemodel (>= 3.0.0)
      activerecord (>= 3.0.0)
      activesupport (>= 3.0.0)
      cocaine (>= 0.0.2)
      mime-types
    pg (0.14.0)
    polyglot (0.3.4)
    protected_attributes (1.0.7)
      activemodel (>= 4.0.1, < 5.0)
    rack (1.5.2)
    rack-test (0.6.2)
      rack (>= 1.0)
    rails (4.0.4)
      actionmailer (= 4.0.4)
      actionpack (= 4.0.4)
      activerecord (= 4.0.4)
      activesupport (= 4.0.4)
      bundler (>= 1.3.0, < 2.0)
      railties (= 4.0.4)
      sprockets-rails (~> 2.0.0)
    rails_12factor (0.0.2)
      rails_serve_static_assets
      rails_stdout_logging
    rails_serve_static_assets (0.0.2)
    rails_stdout_logging (0.0.3)
    railties (4.0.4)
      actionpack (= 4.0.4)
      activesupport (= 4.0.4)
      rake (>= 0.8.7)
      thor (>= 0.18.1, < 2.0)
    rake (10.1.1)
    rmagick (2.13.1)
    rockstar (0.6.4)
      activesupport (>= 1.4.2)
      activesupport (>= 1.4.2)
      hpricot (>= 0.4.86)
      hpricot (>= 0.4.86)
      i18n
      rake
    rspec (2.11.0)
      rspec-core (~> 2.11.0)
      rspec-expectations (~> 2.11.0)
      rspec-mocks (~> 2.11.0)
    rspec-core (2.11.1)
    rspec-expectations (2.11.2)
      diff-lcs (~> 1.1.3)
    rspec-mocks (2.11.2)
    rspec-rails (2.11.0)
      actionpack (>= 3.0)
      activesupport (>= 3.0)
      railties (>= 3.0)
      rspec (~> 2.11.0)
    ruby_parser (2.3.1)
      sexp_processor (~> 3.0)
    rubyzip (0.9.9)
    sass (3.2.16)
    sass-rails (4.0.2)
      railties (>= 4.0.0, < 5.0)
      sass (~> 3.2.0)
      sprockets (~> 2.8, <= 2.11.0)
      sprockets-rails (~> 2.0.0)
    selenium-webdriver (2.25.0)
      childprocess (>= 0.2.5)
      libwebsocket (~> 0.1.3)
      multi_json (~> 1.0)
      rubyzip
    sexp_processor (3.2.0)
    shoulda (3.1.1)
      shoulda-context (~> 1.0)
      shoulda-matchers (~> 1.2)
    shoulda-context (1.0.0)
    shoulda-matchers (1.2.0)
      activesupport (>= 3.0.0)
    simple_form (3.0.1)
      actionpack (>= 4.0.0, < 4.1)
      activemodel (>= 4.0.0, < 4.1)
    sprockets (2.11.0)
      hike (~> 1.2)
      multi_json (~> 1.0)
      rack (~> 1.0)
      tilt (~> 1.1, != 1.3.0)
    sprockets-rails (2.0.1)
      actionpack (>= 3.0)
      activesupport (>= 3.0)
      sprockets (~> 2.8)
    test-unit (2.5.1)
    textacular (3.1.0)
      activerecord (>= 3.0, < 4.1)
    thin (1.4.1)
      daemons (>= 1.0.9)
      eventmachine (>= 0.12.6)
      rack (>= 1.0.0)
    thor (0.18.1)
    thread_safe (0.2.0)
      atomic (>= 1.1.7, < 2)
    tilt (1.4.1)
    timeliness (0.3.6)
    treetop (1.4.15)
      polyglot
      polyglot (>= 0.3.1)
    tzinfo (0.3.39)
    uglifier (1.2.7)
      execjs (>= 0.3.0)
      multi_json (~> 1.3)
    utf8_enforcer_workaround (1.0.0)
      browser (>= 0.1.0)
      rails (>= 3.2.0)
    uuidtools (2.1.3)
    validates_timeliness (3.0.12)
      timeliness (~> 0.3.6)
    xpath (0.1.4)
      nokogiri (~> 1.3)

PLATFORMS
  ruby

DEPENDENCIES
  aws-sdk
  bootstrap-sass (>= 2.0.4.0)
  capybara (>= 1.1.2)
  database_cleaner
  ember-rails
  ember-source (= 1.4.0)
  factory_girl_rails (>= 4.0.0)
  haml (>= 3.1.7)
  haml-rails
  hpricot (>= 0.8.6)
  jquery-rails
  nested_form
  paperclip
  pg (>= 0.14.0)
  protected_attributes
  rails (~> 4.0)
  rails_12factor
  rmagick
  rockstar
  rspec-rails (>= 2.11.0)
  ruby_parser (>= 2.3.1)
  sass-rails (~> 4.0.2)
  shoulda
  simple_form
  test-unit
  textacular
  thin (>= 1.4.1)
  uglifier (>= 1.0.3)
  utf8_enforcer_workaround
  validates_timeliness
